GEM
  remote: http://rubygems.org/
  specs:
    addressable (2.3.2)
    adsf (1.1.1)
      rack (>= 1.0.0)
    coderay (1.0.8)
    colored (1.2)
    cri (2.3.0)
      colored (>= 1.2)
    domainatrix (0.0.11)
      addressable
    fssm (0.2.9)
    haml (3.1.7)
    highline (1.6.15)
    httparty (0.9.0)
      multi_json (~> 1.0)
      multi_xml
    kramdown (0.14.0)
    launchy (2.1.2)
      addressable (~> 2.3)
    mime-types (1.19)
    multi_json (1.3.6)
    multi_xml (0.5.1)
    nanoc (3.4.1)
      cri (~> 2.2)
    net-ssh (2.1.0)
    rack (1.4.1)
    rdiscount (1.6.8)
    rest-client (1.6.7)
      mime-types (>= 1.16)
    sequel (3.20.0)
    sinatra (1.0)
      rack (>= 1.0)
    sqlite3 (1.3.6)
    taps (0.3.24)
      rack (>= 1.0.1)
      rest-client (>= 1.4.0, < 1.7.0)
      sequel (~> 3.20.0)
      sinatra (~> 1.0.0)
    webbynode (1.0.5.2)
      bundler (>= 0.9.26)
      domainatrix (>= 0.0.7)
      highline (>= 1.5.2)
      httparty (>= 0.4.5)
      launchy (>= 0.3.7)
      net-ssh (= 2.1.0)
      taps (~> 0.3.19)
      webbynode-rainbow (~> 1.1.3)
    webbynode-rainbow (1.1.3)

PLATFORMS
  ruby

DEPENDENCIES
  adsf
  coderay
  fssm
  haml
  kramdown
  mime-types
  nanoc (= 3.4.1)
  rack
  rdiscount
  sqlite3
  webbynode
