GEM
  remote: http://rubygems.org/
  specs:
    coderay (0.9.8)
    cri (2.0.2)
    kramdown (0.13.3)
    nanoc (3.1.0)
      nanoc3 (>= 3.1.0)
    nanoc3 (3.2.1)
      cri (~> 2.0)
    rdiscount (1.6.8)

PLATFORMS
  ruby

DEPENDENCIES
  coderay
  kramdown
  nanoc (= 3.1)
  rdiscount
